GEM
  remote: http://rubygems.org/
  specs:
    concurrent-ruby (1.0.4)
    hike (1.2.3)
    opal (0.10.4)
      hike (~> 1.2)
      sourcemap (~> 0.1.0)
      sprockets (~> 3.1)
      tilt (>= 1.4)
    rack (2.0.1)
    ruby2d (0.4.0)
      opal (~> 0.10)
    sourcemap (0.1.1)
    sprockets (3.7.1)
      concurrent-ruby (~> 1.0)
      rack (> 1, < 3)
    tilt (2.0.6)

PLATFORMS
  ruby

DEPENDENCIES
  ruby2d

BUNDLED WITH
   1.12.5
